GIT
  remote: https://github.com/naokij/gollum.git
  revision: 62574df2460c55f4451a248737a4f6433c582f87
  specs:
    gollum (2.7.0)
      github-markdown (~> 0.5.5)
      gollum-lib (~> 2.0)
      mustache (>= 0.99.4, < 1.0.0)
      omniauth-ldap (~> 1.0.4)
      sinatra (~> 1.4, >= 1.4.3)
      useragent (~> 0.8.2)

GEM
  remote: https://rubygems.org/
  specs:
    charlock_holmes (0.6.9.4)
    diff-lcs (1.2.5)
    github-markdown (0.5.5)
    github-markup (0.7.5)
    gitlab-grit (2.6.0)
      charlock_holmes (~> 0.6.9)
      diff-lcs (~> 1.1)
      mime-types (~> 1.15)
      posix-spawn (~> 0.3.6)
    gollum-lib (2.0.0)
      github-markup (>= 0.7.5, < 1.0.0)
      gitlab-grit (= 2.6.0)
      nokogiri (~> 1.6.0)
      rouge (~> 1.3.1)
      sanitize (~> 2.0.6)
      stringex (~> 2.1.0)
    hashie (2.0.5)
    mime-types (1.25.1)
    mini_portile (0.5.2)
    mustache (0.99.5)
    net-ldap (0.3.1)
    nokogiri (1.6.1)
      mini_portile (~> 0.5.0)
    omniauth (1.2.1)
      hashie (>= 1.2, < 3)
      rack (~> 1.0)
    omniauth-ldap (1.0.4)
      net-ldap (~> 0.3.1)
      omniauth (~> 1.0)
      pyu-ruby-sasl (~> 0.0.3.1)
      rubyntlm (~> 0.1.1)
    posix-spawn (0.3.8)
    pyu-ruby-sasl (0.0.3.3)
    rack (1.5.2)
    rack-protection (1.5.2)
      rack
    rouge (1.3.2)
    rubyntlm (0.1.1)
    sanitize (2.0.6)
      nokogiri (>= 1.4.4)
    sinatra (1.4.4)
      rack (~> 1.4)
      rack-protection (~> 1.4)
      tilt (~> 1.3, >= 1.3.4)
    stringex (2.1.2)
    tilt (1.4.1)
    useragent (0.8.3)

PLATFORMS
  ruby

DEPENDENCIES
  gollum!
